GIT
  remote: https://github.com/awestruct/awestruct.git
  revision: b8ad2ea56a38839b44659d47d56ef338e69d8a88
  ref: b8ad2ea56a38839b44659d47d56ef338e69d8a88
  specs:
    awestruct (0.5.6.beta8)
      asciidoctor (~> 1.5, >= 1.5.2)
      colorize (~> 0.7, >= 0.7.1)
      compass (~> 1, >= 1.0.1)
      git (~> 1.2, >= 1.2.6)
      guard-livereload (~> 2.1, >= 2.1.2)
      haml (~> 4.0, >= 4.0.5)
      listen (~> 2.7, >= 2.7.1)
      mime-types (~> 2.1)
      oga (~> 0.3)
      parallel (~> 1.1, > 1.1.1)
      rack (~> 1.5, >= 1.5.2)
      rest-client (~> 1.7, >= 1.7.2)
      sass (~> 3.2)
      tilt (~> 2.0, >= 2.0.1)

GEM
  remote: https://rubygems.org/
  specs:
    POpen4 (0.1.4)
      Platform (>= 0.4.0)
      open4
    Platform (0.4.2)
    RedCloth (4.3.2)
    addressable (2.8.1)
      public_suffix (>= 2.0.2, < 6.0)
    ansi (1.5.0)
    asciidoctor (1.5.8)
    ast (2.4.2)
    autoprefixer-rails (10.4.13.0)
      execjs (~> 2)
    bootstrap-sass (3.4.1)
      autoprefixer-rails (>= 5.2.1)
      sassc (>= 2.0.0)
    builder (3.2.4)
    celluloid (0.16.0)
      timers (~> 4.0.0)
    chunky_png (1.4.0)
    coderay (1.1.3)
    coffee-script (2.2.0)
      coffee-script-source
      execjs
    coffee-script-source (1.12.2)
    colorize (0.8.1)
    commonjs (0.2.7)
    compass (1.0.3)
      chunky_png (~> 1.2)
      compass-core (~> 1.0.2)
      compass-import-once (~> 1.0.5)
      rb-fsevent (>= 0.9.3)
      rb-inotify (>= 0.9)
      sass (>= 3.3.13, < 3.5)
    compass-core (1.0.3)
      multi_json (~> 1.0)
      sass (>= 3.3.0, < 3.5)
    compass-import-once (1.0.5)
      sass (>= 3.2, < 3.5)
    css_press (0.3.2)
      csspool-st (= 3.1.2)
      json
    cssminify (1.0.2)
    csspool-st (3.1.2)
    domain_name (0.5.20190701)
      unf (>= 0.0.5, < 1.0.0)
    em-websocket (0.5.3)
      eventmachine (>= 0.12.9)
      http_parser.rb (~> 0)
    eventmachine (1.2.7)
    execjs (2.8.1)
    ffi (1.15.5)
    formatador (1.1.0)
    git (1.18.0)
      addressable (~> 2.8)
      rchardet (~> 1.8)
    guard (2.18.0)
      formatador (>= 0.2.4)
      listen (>= 2.7, < 4.0)
      lumberjack (>= 1.0.12, < 2.0)
      nenv (~> 0.1)
      notiffany (~> 0.0)
      pry (>= 0.13.0)
      shellany (~> 0.0)
      thor (>= 0.18.1)
    guard-compat (1.2.1)
    guard-livereload (2.5.2)
      em-websocket (~> 0.5)
      guard (~> 2.8)
      guard-compat (~> 1.0)
      multi_json (~> 1.8)
    haml (4.0.7)
      tilt
    hitimes (2.0.0)
    html_press (0.8.2)
      htmlentities
      multi_css (>= 0.1.0)
      multi_js (>= 0.1.0)
    htmlcompressor (0.0.7)
      yui-compressor (~> 0.9.6)
    htmlentities (4.3.4)
    http-cookie (1.0.5)
      domain_name (~> 0.5)
    http_parser.rb (0.8.0)
    json (2.6.3)
    kramdown (2.3.2)
      rexml
    less (2.6.0)
      commonjs (~> 0.2.7)
    libv8 (3.16.14.19-x86_64-linux)
    listen (2.10.1)
      celluloid (~> 0.16.0)
      rb-fsevent (>= 0.9.3)
      rb-inotify (>= 0.9)
    lumberjack (1.2.8)
    markaby (0.9.0)
      builder
    method_source (1.0.0)
    mime-types (2.99.3)
    multi_css (0.1.0)
      css_press
    multi_js (0.1.0)
      uglifier (~> 2)
    multi_json (1.15.0)
    nenv (0.3.0)
    netrc (0.11.0)
    notiffany (0.1.3)
      nenv (~> 0.1)
      shellany (~> 0.0)
    oga (0.3.4)
      ast
      ruby-ll (~> 2.1)
    open4 (1.3.4)
    org-ruby (0.9.12)
      rubypants (~> 0.2)
    parallel (1.20.1)
    pry (0.14.2)
      coderay (~> 1.1)
      method_source (~> 1.0)
    public_suffix (4.0.7)
    rack (1.6.13)
    rake (13.0.6)
    rb-fsevent (0.9.8)
    rb-inotify (0.10.1)
      ffi (~> 1.0)
    rchardet (1.8.0)
    ref (2.0.0)
    rest-client (1.8.0)
      http-cookie (>= 1.0.2, < 2.0)
      mime-types (>= 1.16, < 3.0)
      netrc (~> 0.7)
    rexml (3.2.5)
    ruby-ll (2.1.2)
      ansi
      ast
    rubypants (0.7.1)
    sass (3.4.25)
    sassc (2.4.0)
      ffi (~> 1.9)
    shellany (0.0.1)
    slim (4.1.0)
      temple (>= 0.7.6, < 0.9)
      tilt (>= 2.0.6, < 2.1)
    temple (0.8.2)
    therubyracer (0.12.3)
      libv8 (~> 3.16.14.15)
      ref
    thor (1.2.1)
    tilt (2.0.11)
    timers (4.0.4)
      hitimes
    uglifier (2.0.1)
      execjs (>= 0.3.0)
      multi_json (~> 1.0, >= 1.0.2)
    unf (0.1.4)
      unf_ext
    unf_ext (0.0.8.2)
    version (1.0.0)
    yui-compressor (0.9.6)
      POpen4 (>= 0.1.4)

PLATFORMS
  ruby

DEPENDENCIES
  RedCloth
  asciidoctor (= 1.5.8)
  awestruct!
  bootstrap-sass
  coderay
  coffee-script (~> 2.2.0)
  compass
  cssminify (~> 1.0.2)
  git
  html_press (~> 0.8.1)
  htmlcompressor (~> 0.0.3)
  kramdown (~> 2.3.1)
  less
  listen
  markaby (>= 0.9)
  org-ruby (>= 0.8)
  rake
  rb-fsevent (~> 0.9.3)
  slim
  therubyracer
  tilt
  uglifier (~> 2.0.1)
  version (= 1.0.0)

RUBY VERSION
   ruby 2.4.1p111

BUNDLED WITH
   2.3.26
