GIT
  remote: git://github.com/awestruct/awestruct.git
  revision: b8ad2ea56a38839b44659d47d56ef338e69d8a88
  branch: b8ad2ea56a38839b44659d47d56ef338e69d8a88
  specs:
    awestruct (0.5.6.beta8)
      asciidoctor (~> 1.5, >= 1.5.2)
      colorize (~> 0.7, >= 0.7.1)
      compass (~> 1, >= 1.0.1)
      git (~> 1.2, >= 1.2.6)
      guard-livereload (~> 2.1, >= 2.1.2)
      haml (~> 4.0, >= 4.0.5)
      listen (~> 2.7, >= 2.7.1)
      mime-types (~> 2.1)
      oga (~> 0.3)
      parallel (~> 1.1, > 1.1.1)
      rack (~> 1.6, >= 1.6.2)
      rest-client (~> 1.7, >= 1.7.2)
      sass (~> 3.2)
      tilt (~> 2.0, >= 2.0.1)

GEM
  remote: https://rubygems.org/
  specs:
    POpen4 (0.1.4)
      Platform (>= 0.4.0)
      open4
    Platform (0.4.0)
    RedCloth (4.3.2)
    ansi (1.5.0)
    asciidoctor (1.5.2)
    ast (2.0.0)
    autoprefixer-rails (5.1.11)
      execjs
      json
    bootstrap-sass (3.3.4.1)
      autoprefixer-rails (>= 5.0.0.1)
      sass (>= 3.2.19)
    celluloid (0.16.0)
      timers (~> 4.0.0)
    chunky_png (1.3.4)
    coderay (1.1.0)
    colorize (0.7.7)
    commonjs (0.2.7)
    compass (1.0.3)
      chunky_png (~> 1.2)
      compass-core (~> 1.0.2)
      compass-import-once (~> 1.0.5)
      rb-fsevent (>= 0.9.3)
      rb-inotify (>= 0.9)
      sass (>= 3.3.13, < 3.5)
    compass-core (1.0.3)
      multi_json (~> 1.0)
      sass (>= 3.3.0, < 3.5)
    compass-import-once (1.0.5)
      sass (>= 3.2, < 3.5)
    css_press (0.3.2)
      csspool-st (= 3.1.2)
      json
    cssminify (1.0.2)
    csspool-st (3.1.2)
    domain_name (0.5.24)
      unf (>= 0.0.5, < 1.0.0)
    em-websocket (0.5.1)
      eventmachine (>= 0.12.9)
      http_parser.rb (~> 0.6.0)
    eventmachine (1.0.7)
    execjs (2.5.2)
    ffi (1.9.24)
    formatador (0.2.5)
    git (1.2.9.1)
    guard (2.12.5)
      formatador (>= 0.2.4)
      listen (~> 2.7)
      lumberjack (~> 1.0)
      nenv (~> 0.1)
      notiffany (~> 0.0)
      pry (>= 0.9.12)
      shellany (~> 0.0)
      thor (>= 0.18.1)
    guard-livereload (2.4.0)
      em-websocket (~> 0.5)
      guard (~> 2.8)
      multi_json (~> 1.8)
    haml (4.0.6)
      tilt
    hitimes (1.2.2)
    html_press (0.8.2)
      htmlentities
      multi_css (>= 0.1.0)
      multi_js (>= 0.1.0)
    htmlcompressor (0.0.7)
      yui-compressor (~> 0.9.6)
    htmlentities (4.3.3)
    http-cookie (1.0.2)
      domain_name (~> 0.5)
    http_parser.rb (0.6.0)
    json (2.1.0)
    kramdown (1.0.2)
    less (2.6.0)
      commonjs (~> 0.2.7)
    listen (2.10.0)
      celluloid (~> 0.16.0)
      rb-fsevent (>= 0.9.3)
      rb-inotify (>= 0.9)
    lumberjack (1.0.9)
    method_source (0.8.2)
    mime-types (2.5)
    multi_css (0.1.0)
      css_press
    multi_js (0.1.0)
      uglifier (~> 2)
    multi_json (1.11.0)
    nenv (0.2.0)
    netrc (0.10.3)
    notiffany (0.0.6)
      nenv (~> 0.1)
      shellany (~> 0.0)
    oga (0.3.4)
      ast
      ruby-ll (~> 2.1)
    open4 (1.3.4)
    parallel (1.4.1)
    pry (0.10.1)
      coderay (~> 1.1.0)
      method_source (~> 0.8.1)
      slop (~> 3.4)
    rack (1.6.2)
    rb-fsevent (0.9.4)
    rb-inotify (0.9.5)
      ffi (>= 0.5.0)
    rest-client (1.8.0)
      http-cookie (>= 1.0.2, < 2.0)
      mime-types (>= 1.16, < 3.0)
      netrc (~> 0.7)
    ruby-ll (2.1.1)
      ansi
      ast
    sass (3.4.13)
    shellany (0.0.1)
    slim (3.0.3)
      temple (~> 0.7.3)
      tilt (>= 1.3.3, < 2.1)
    slop (3.6.0)
    temple (0.7.5)
    thor (0.19.1)
    tilt (2.0.1)
    timers (4.0.1)
      hitimes
    uglifier (2.0.1)
      execjs (>= 0.3.0)
      multi_json (~> 1.0, >= 1.0.2)
    unf (0.1.4)
      unf_ext
    unf_ext (0.0.7.1)
    version (1.0.0)
    yui-compressor (0.9.6)
      POpen4 (>= 0.1.4)

PLATFORMS
  ruby

DEPENDENCIES
  RedCloth
  asciidoctor (= 1.5.2)
  awestruct!
  bootstrap-sass
  coderay
  compass
  cssminify (~> 1.0.2)
  git
  html_press (~> 0.8.1)
  htmlcompressor (~> 0.0.3)
  kramdown (~> 1.0.1)
  less
  listen
  rb-fsevent (~> 0.9.3)
  slim
  tilt
  uglifier (~> 2.0.1)
  version (= 1.0.0)

RUBY VERSION
   ruby 2.4.1p111

BUNDLED WITH
   2.0.0
