GEM
  remote: https://rubygems.org/
  specs:
    POpen4 (0.1.4)
      Platform (>= 0.4.0)
      open4
    Platform (0.4.0)
    RedCloth (4.2.9)
    asciidoctor (0.1.4)
    awestruct (0.5.4.rc2)
      bootstrap-sass (>= 2.3.1.0)
      compass (>= 0.12.1)
      compass-960-plugin (~> 0.10.4)
      haml (~> 4.0.1)
      listen (~> 1.0)
      mime-types (= 1.25)
      nokogiri (= 1.5.10)
      rack (~> 1.5.2)
      rest-client (>= 1.6.7)
      ruby-s3cmd (~> 0.1.5)
      tilt (>= 1.3.6)
      zurb-foundation (>= 4.0.9)
    bootstrap-sass (3.0.2.1)
      sass (~> 3.2)
    chunky_png (1.2.9)
    coderay (1.1.0)
    compass (0.12.2)
      chunky_png (~> 1.2)
      fssm (>= 0.2.7)
      sass (~> 3.1)
    compass-960-plugin (0.10.4)
      compass (>= 0.10.0)
    css_press (0.3.2)
      csspool-st (= 3.1.2)
      json
    cssminify (1.0.2)
    csspool-st (3.1.2)
    execjs (2.0.2)
    ffi (1.9.3)
    fssm (0.2.10)
    haml (4.0.4)
      tilt
    html_press (0.8.2)
      htmlentities
      multi_css (>= 0.1.0)
      multi_js (>= 0.1.0)
    htmlcompressor (0.0.7)
      yui-compressor (~> 0.9.6)
    htmlentities (4.3.1)
    json (1.8.1)
    kramdown (1.0.2)
    listen (1.3.1)
      rb-fsevent (>= 0.9.3)
      rb-inotify (>= 0.9)
      rb-kqueue (>= 0.2)
    mime-types (1.25)
    multi_css (0.1.0)
      css_press
    multi_js (0.1.0)
      uglifier (~> 2)
    multi_json (1.8.2)
    nokogiri (1.5.10)
    open4 (1.3.0)
    rack (1.5.2)
    rb-fsevent (0.9.3)
    rb-inotify (0.9.2)
      ffi (>= 0.5.0)
    rb-kqueue (0.2.0)
      ffi (>= 0.5.0)
    rest-client (1.6.7)
      mime-types (>= 1.16)
    ruby-s3cmd (0.1.5)
    sass (3.2.12)
    tilt (1.4.1)
    uglifier (2.0.1)
      execjs (>= 0.3.0)
      multi_json (~> 1.0, >= 1.0.2)
    yui-compressor (0.9.6)
      POpen4 (>= 0.1.4)
    zurb-foundation (4.3.2)
      sass (>= 3.2.0)

PLATFORMS
  ruby

DEPENDENCIES
  RedCloth
  asciidoctor (= 0.1.4)
  awestruct (= 0.5.4.rc2)
  coderay
  cssminify (~> 1.0.2)
  html_press (~> 0.8.1)
  htmlcompressor (~> 0.0.3)
  kramdown (~> 1.0.1)
  listen (~> 1.0)
  rb-fsevent (~> 0.9.3)
  tilt (~> 1.4.0)
  uglifier (~> 2.0.1)
